GEM
  remote: https://rubygems.org/
  specs:
    colorize (0.8.1)
    packetfu (1.1.13)
      pcaprub
    pcaprub (0.13.1)

PLATFORMS
  ruby

DEPENDENCIES
  colorize
  packetfu

BUNDLED WITH
   2.3.18
